GEM
  remote: https://rubygems.org/
  specs:
    mini_portile2 (2.1.0)
    nokogiri (1.7.2)
      mini_portile2 (~> 2.1.0)

PLATFORMS
  ruby

DEPENDENCIES
  nokogiri (~> 1.7, >= 1.7.2)

RUBY VERSION
   ruby 2.4.1p111

BUNDLED WITH
   1.15.0
